GEM
  specs:
    coderay (1.1.0)
    method_source (0.8.2)
    netrc (0.7.7)
    pry (0.9.12.6)
      coderay (~> 1.0)
      method_source (~> 0.8)
      slop (~> 3.4)
    rest_client (1.7.3)
      netrc (~> 0.7.7)
    slop (3.5.0)

PLATFORMS
  ruby

DEPENDENCIES
  pry
  rest_client
